GEM
  remote: http://rubygems.org/
  specs:
    activesupport (3.0.9)
    bindata (1.4.1)
    diff-lcs (1.1.2)
    git (1.2.5)
    i18n (0.6.0)
    jeweler (1.6.4)
      bundler (~> 1.0)
      git (>= 1.2.5)
      rake
    rake (0.9.2)
    rspec (2.6.0)
      rspec-core (~> 2.6.0)
      rspec-expectations (~> 2.6.0)
      rspec-mocks (~> 2.6.0)
    rspec-core (2.6.4)
    rspec-expectations (2.6.0)
      diff-lcs (~> 1.1.2)
    rspec-mocks (2.6.0)
    simplecov (0.4.2)
      simplecov-html (~> 0.4.4)
    simplecov-html (0.4.5)
    yard (0.7.2)

PLATFORMS
  java
  ruby

DEPENDENCIES
  activesupport (= 3.0.9)
  bindata
  bundler (~> 1.0.0)
  i18n
  jeweler (~> 1.6.4)
  rspec (~> 2.6.0)
  simplecov
  yard (~> 0.7.2)
