GEM
  remote: http://rubygems.org/
  specs:
    activesupport (3.1.3)
      multi_json (~> 1.0)
    bindata (1.4.1)
    diff-lcs (1.1.3)
    git (1.2.5)
    i18n (0.6.0)
    jeweler (1.6.4)
      bundler (~> 1.0)
      git (>= 1.2.5)
      rake
    little-plugger (1.1.2)
    logging (1.5.2)
      little-plugger (>= 1.1.2)
    multi_json (1.0.4)
    rake (0.9.2)
    rspec (2.8.0)
      rspec-core (~> 2.8.0)
      rspec-expectations (~> 2.8.0)
      rspec-mocks (~> 2.8.0)
    rspec-core (2.8.0)
    rspec-expectations (2.8.0)
      diff-lcs (~> 1.1.2)
    rspec-mocks (2.8.0)
    simplecov (0.4.2)
      simplecov-html (~> 0.4.4)
    simplecov-html (0.4.5)
    yard (0.7.2)

PLATFORMS
  java
  ruby

DEPENDENCIES
  activesupport (~> 3.1.0)
  bindata
  bundler (~> 1.0.0)
  i18n
  jeweler (~> 1.6.4)
  logging
  rspec (~> 2.8.0)
  simplecov
  yard (~> 0.7.2)
